GEM
  remote: https://rubygems.org/
  specs:
    coderay (1.1.3)
    highline (2.1.0)
    method_source (1.0.0)
    options (2.3.2)
    progress_bar (1.3.1)
      highline (>= 1.6, < 3)
      options (~> 2.3.0)
    pry (0.14.2)
      coderay (~> 1.1)
      method_source (~> 1.0)

PLATFORMS
  universal-darwin-18

DEPENDENCIES
  progress_bar
  pry

BUNDLED WITH
   2.3.23
